GEM
  remote: http://rubygems.org/
  specs:
    POpen4 (0.1.4)
      Platform (>= 0.4.0)
      open4
    Platform (0.4.0)
    abstract (1.0.0)
    actionmailer (3.0.7)
      actionpack (= 3.0.7)
      mail (~> 2.2.15)
    actionpack (3.0.7)
      activemodel (= 3.0.7)
      activesupport (= 3.0.7)
      builder (~> 2.1.2)
      erubis (~> 2.6.6)
      i18n (~> 0.5.0)
      rack (~> 1.2.1)
      rack-mount (~> 0.6.14)
      rack-test (~> 0.5.7)
      tzinfo (~> 0.3.23)
    activemodel (3.0.7)
      activesupport (= 3.0.7)
      builder (~> 2.1.2)
      i18n (~> 0.5.0)
    activerecord (3.0.7)
      activemodel (= 3.0.7)
      activesupport (= 3.0.7)
      arel (~> 2.0.2)
      tzinfo (~> 0.3.23)
    activeresource (3.0.7)
      activemodel (= 3.0.7)
      activesupport (= 3.0.7)
    activesupport (3.0.7)
    acts_as_commentable (3.0.1)
    arel (2.0.10)
    aws-s3 (0.6.3)
      builder
      mime-types
      xml-simple
    aws-sdk (1.8.3.1)
      json (~> 1.4)
      nokogiri (>= 1.4.4)
      uuidtools (~> 2.1)
    bcrypt-ruby (3.0.1)
    bcrypt-ruby (3.0.1-x86-mingw32)
    builder (2.1.2)
    climate_control (0.0.3)
      activesupport (>= 3.0)
    cocaine (0.5.1)
      climate_control (>= 0.0.3, < 1.0)
    dalli (2.6.2)
    devise (1.5.4)
      bcrypt-ruby (~> 3.0)
      orm_adapter (~> 0.0.3)
      warden (~> 1.1)
    erubis (2.6.6)
      abstract (>= 1.0.0)
    factory_girl (4.2.0)
      activesupport (>= 3.0.0)
    factory_girl_rails (4.2.1)
      factory_girl (~> 4.2.0)
      railties (>= 3.0.0)
    google-analytics-rails (0.0.3)
    i18n (0.5.0)
    jammit (0.6.5)
      yui-compressor (>= 0.9.3)
    jquery-rails (2.2.1)
      railties (>= 3.0, < 5.0)
      thor (>= 0.14, < 2.0)
    json (1.7.7)
    mail (2.2.19)
      activesupport (>= 2.3.6)
      i18n (>= 0.4.0)
      mime-types (~> 1.16)
      treetop (~> 1.4.8)
    mime-types (1.21)
    nokogiri (1.5.6)
    nokogiri (1.5.6-x86-mingw32)
    open4 (1.3.0)
    orm_adapter (0.0.7)
    paperclip (3.4.1)
      activemodel (>= 3.0.0)
      activerecord (>= 3.0.0)
      activesupport (>= 3.0.0)
      cocaine (~> 0.5.0)
      mime-types
    paperclip-meta (0.4.3)
      paperclip
    pg (0.17.1)
    pg (0.17.1-x86-mingw32)
    polyglot (0.3.3)
    rack (1.2.8)
    rack-mount (0.6.14)
      rack (>= 1.0.0)
    rack-test (0.5.7)
      rack (>= 1.0)
    rails (3.0.7)
      actionmailer (= 3.0.7)
      actionpack (= 3.0.7)
      activerecord (= 3.0.7)
      activeresource (= 3.0.7)
      activesupport (= 3.0.7)
      bundler (~> 1.0)
      railties (= 3.0.7)
    railties (3.0.7)
      actionpack (= 3.0.7)
      activesupport (= 3.0.7)
      rake (>= 0.8.7)
      thor (~> 0.14.4)
    rake (0.9.2)
    recaptcha (0.3.5)
    rest-client (1.6.7)
      mime-types (>= 1.16)
    ruby-graphviz (1.0.8)
    ruby-prof (0.12.2)
    sequel (3.20.0)
    sinatra (1.0)
      rack (>= 1.0)
    sqlite3 (1.3.7)
    sqlite3 (1.3.7-x86-mingw32)
    taps (0.3.24)
      rack (>= 1.0.1)
      rest-client (>= 1.4.0, < 1.7.0)
      sequel (~> 3.20.0)
      sinatra (~> 1.0.0)
    tasteful_routes (0.1.5)
      rails (>= 3.0.0)
    test-unit (2.5.4)
    thor (0.14.6)
    treetop (1.4.12)
      polyglot
      polyglot (>= 0.3.1)
    tzinfo (0.3.36)
    uuidtools (2.1.3)
    warden (1.2.1)
      rack (>= 1.0)
    xml-simple (1.1.2)
    yaml_db (0.2.3)
    yui-compressor (0.9.6)
      POpen4 (>= 0.1.4)

PLATFORMS
  ruby
  x86-mingw32

DEPENDENCIES
  acts_as_commentable (~> 3.0.1)
  aws-s3
  aws-sdk
  dalli
  devise
  factory_girl_rails
  google-analytics-rails
  jammit
  jquery-rails (>= 1.0.3)
  paperclip
  paperclip-meta
  pg
  rails (= 3.0.7)
  rake (= 0.9.2)
  recaptcha
  ruby-graphviz
  ruby-prof
  sqlite3
  taps
  tasteful_routes (~> 0.1.3)
  test-unit
  yaml_db (~> 0.2.1)
